GEM
  remote: https://rubygems.org/
  specs:
    coderay (1.1.0)
    httparty (0.13.1)
      json (~> 1.8)
      multi_xml (>= 0.5.2)
    json (1.8.1)
    method_source (0.8.2)
    multi_xml (0.5.5)
    pry (0.10.0)
      coderay (~> 1.1.0)
      method_source (~> 0.8.1)
      slop (~> 3.4)
    slop (3.5.0)
    tinder_pyro (0.0.1)
      httparty (~> 0.3)
      json (~> 1.6)

PLATFORMS
  ruby

DEPENDENCIES
  pry
  tinder_pyro
